GEM
  remote: https://rubygems.org/
  specs:
    mini_portile2 (2.0.0)
    newest_kickstarter (0.1.0)
      nokogiri
    nokogiri (1.6.7.2)
      mini_portile2 (~> 2.0.0.rc2)

PLATFORMS
  ruby

DEPENDENCIES
  newest_kickstarter

BUNDLED WITH
   1.11.2
