GEM
  remote: https://rubygems.org/
  specs:
    mini_portile2 (2.1.0)
    newest_kickstarter (0.2.0)
      nokogiri
    nokogiri (1.6.8)
      mini_portile2 (~> 2.1.0)
      pkg-config (~> 1.1.7)
    pkg-config (1.1.7)

PLATFORMS
  ruby

DEPENDENCIES
  newest_kickstarter

BUNDLED WITH
   1.11.2
